GEM
  remote: https://rubygems.org/
  specs:
    commonmarker (0.16.0)
      ruby-enum (~> 0.5)
    i18n (0.8.1)
    mustermann (1.0.0)
    pg (0.18.4)
    rack (2.0.3)
    rack-protection (2.0.0)
      rack
    ruby-enum (0.7.1)
      i18n
    sinatra (2.0.0)
      mustermann (~> 1.0)
      rack (~> 2.0)
      rack-protection (= 2.0.0)
      tilt (~> 2.0)
    tilt (2.0.7)

PLATFORMS
  ruby

DEPENDENCIES
  commonmarker
  pg
  sinatra

BUNDLED WITH
   1.13.7
