GEM
  remote: https://rubygems.org/
  specs:
    commonmarker (0.16.0)
      ruby-enum (~> 0.5)
    flipper (0.11.0.beta5)
    flipper-redis (0.11.0.beta5)
      flipper (~> 0.11.0.beta5)
      redis (>= 2.2, < 4.0.0)
    i18n (0.8.1)
    mustermann (1.0.0)
    rack (2.0.3)
    rack-protection (2.0.0)
      rack
    redis (3.3.3)
    ruby-enum (0.7.1)
      i18n
    sinatra (2.0.0)
      mustermann (~> 1.0)
      rack (~> 2.0)
      rack-protection (= 2.0.0)
      tilt (~> 2.0)
    tilt (2.0.7)

PLATFORMS
  ruby

DEPENDENCIES
  commonmarker
  flipper (= 0.11.0.beta5)
  flipper-redis (= 0.11.0.beta5)
  redis
  sinatra

BUNDLED WITH
   1.13.7
